STORAGE: NONE
NUGET
  remote: https://api.nuget.org/v3/index.json
    coverlet.collector (6.0.4)
    FParsec (1.1.1)
      FSharp.Core (>= 4.3.4) - restriction: || (>= net45) (>= netstandard2.0)
      System.ValueTuple (>= 4.4) - restriction: >= net45
    FSharp.Core (9.0.300)
    FSharp.Data.LiteralProviders (1.0.3)
      FSharp.Core (>= 4.5)
    FsUnit (7.1.1)
      FSharp.Core (>= 5.0.2)
      NUnit (>= 4.0.1)
    Microsoft.CodeCoverage (17.14.1) - restriction: || (>= net462) (>= net8.0)
    Microsoft.NET.Test.Sdk (17.14.1)
      Microsoft.CodeCoverage (>= 17.14.1) - restriction: || (>= net462) (>= net8.0)
      Microsoft.TestPlatform.TestHost (>= 17.14.1) - restriction: >= net8.0
    Microsoft.TestPlatform.ObjectModel (17.14.1) - restriction: >= net8.0
      System.Reflection.Metadata (>= 8.0) - restriction: || (>= net462) (>= netstandard2.0)
    Microsoft.TestPlatform.TestHost (17.14.1) - restriction: >= net8.0
      Microsoft.TestPlatform.ObjectModel (>= 17.14.1) - restriction: >= net8.0
      Newtonsoft.Json (>= 13.0.3) - restriction: >= net8.0
    Newtonsoft.Json (13.0.3) - restriction: >= net8.0
    NUnit (4.3.2)
      System.Memory (>= 4.6) - restriction: >= net462
      System.Threading.Tasks.Extensions (>= 4.5.4) - restriction: >= net462
      System.ValueTuple (>= 4.5) - restriction: >= net462
    System.Buffers (4.6.1) - restriction: >= net462
    System.Collections.Immutable (9.0.7) - restriction: || (&& (>= net462) (>= net8.0)) (&& (>= net8.0) (< net9.0))
    System.Memory (4.6.3) - restriction: >= net462
      System.Buffers (>= 4.6.1) - restriction: || (>= net462) (&& (< netcoreapp2.1) (>= netstandard2.0) (< netstandard2.1))
      System.Numerics.Vectors (>= 4.6.1) - restriction: || (>= net462) (&& (< netcoreapp2.1) (>= netstandard2.0) (< netstandard2.1))
      System.Runtime.CompilerServices.Unsafe (>= 6.1.2) - restriction: || (>= net462) (&& (< netcoreapp2.1) (>= netstandard2.0) (< netstandard2.1))
    System.Numerics.Vectors (4.6.1) - restriction: >= net462
    System.Reflection.Metadata (9.0.7) - restriction: >= net8.0
      System.Collections.Immutable (>= 9.0.7) - restriction: || (>= net462) (&& (>= net8.0) (< net9.0)) (&& (< net8.0) (>= netstandard2.0))
    System.Runtime.CompilerServices.Unsafe (6.1.2) - restriction: >= net462
    System.Threading.Tasks.Extensions (4.6.3) - restriction: >= net462
      System.Runtime.CompilerServices.Unsafe (>= 6.1.2) - restriction: || (>= net462) (&& (< netcoreapp2.1) (>= netstandard2.0) (< netstandard2.1))
    System.ValueTuple (4.6.1) - restriction: >= net45
